REDIRECTS: ON
NUGET
  remote: https://www.nuget.org/api/v2
  specs:
    FSharp.Core (3.1.2.5)
    FsPickler (1.2.9)
    FsPickler.Json (1.2.9)
      FsPickler (1.2.9)
      Newtonsoft.Json (>= 6.0.5 < 6.1.0)
    MathNet.Numerics (3.7.0)
      TaskParallelLibrary (>= 1.0.2856) - framework: >= net35 < net40
    MathNet.Numerics.FSharp (3.7.0)
      FSharp.Core (>= 3.1.2.1)
      MathNet.Numerics (3.7.0)
    MathNet.Numerics.MKL.Win-x64 (1.8.0)
      MathNet.Numerics (>= 2.4.0)
    MBrace.Azure (0.7.0-alpha)
      MBrace.Core (0.9.14-alpha)
      MBrace.Runtime.Core (0.9.14-alpha)
      WindowsAzure.ServiceBus (>= 2.5.2)
      WindowsAzure.Storage (>= 4.3.0)
    MBrace.Azure.Standalone (0.7.0-alpha)
    MBrace.Core (0.9.14-alpha)
    MBrace.Flow (0.9.14-alpha)
      MBrace.Core (0.9.14-alpha)
      Streams (0.3.0)
    MBrace.Runtime.Core (0.9.14-alpha)
      FsPickler (1.2.9)
      FsPickler.Json (1.2.9)
      MBrace.Core (0.9.14-alpha)
      Vagabond (0.7.5)
    Microsoft.Azure.KeyVault.Core (1.0.0) - framework: wpv8.0, >= net40
    Microsoft.Data.Edm (5.6.4)
    Microsoft.Data.OData (5.6.4) - framework: winv4.5, wpv8.1, wpv8.0, >= net40
      Microsoft.Data.Edm (5.6.4)
      System.Spatial (5.6.4)
    Microsoft.Data.Services.Client (5.6.4) - framework: >= net40
      Microsoft.Data.OData (5.6.4)
    Microsoft.WindowsAzure.ConfigurationManager (3.1.0)
    Mono.Cecil (0.9.6.1)
    Newtonsoft.Json (6.0.8)
    Streams (0.3.0)
    Suave (0.32.0-owin)
      FSharp.Core (>= 3.1.2.1)
      FsPickler (>= 1.2.5)
    System.Spatial (5.6.4)
    TaskParallelLibrary (1.0.2856.0) - framework: >= net35 < net40
    Vagabond (0.7.5)
      FsPickler (>= 1.2.2 < 1.3.0)
      Mono.Cecil (0.9.6.1)
    WindowsAzure.ServiceBus (3.0.1)
      Microsoft.WindowsAzure.ConfigurationManager
    WindowsAzure.Storage (5.0.2)
      Microsoft.Azure.KeyVault.Core (>= 1.0.0) - framework: wpv8.0, >= net40
      Microsoft.Data.OData (>= 5.6.4) - framework: winv4.5, wpv8.1, wpv8.0, >= net40
      Microsoft.Data.Services.Client (>= 5.6.4) - framework: >= net40
      Newtonsoft.Json (>= 6.0.8) - framework: wpv8.0, >= net40
